GEM
  remote: https://rubygems.org/
  specs:
    actioncable (7.1.2)
      actionpack (= 7.1.2)
      activesupport (= 7.1.2)
      nio4r (~> 2.0)
      websocket-driver (>= 0.6.1)
      zeitwerk (~> 2.6)
    actionmailbox (7.1.2)
      actionpack (= 7.1.2)
      activejob (= 7.1.2)
      activerecord (= 7.1.2)
      activestorage (= 7.1.2)
      activesupport (= 7.1.2)
      mail (>= 2.7.1)
      net-imap
      net-pop
      net-smtp
    actionmailer (7.1.2)
      actionpack (= 7.1.2)
      actionview (= 7.1.2)
      activejob (= 7.1.2)
      activesupport (= 7.1.2)
      mail (~> 2.5, >= 2.5.4)
      net-imap
      net-pop
      net-smtp
      rails-dom-testing (~> 2.2)
    actionpack (7.1.2)
      actionview (= 7.1.2)
      activesupport (= 7.1.2)
      nokogiri (>= 1.8.5)
      racc
      rack (>= 2.2.4)
      rack-session (>= 1.0.1)
      rack-test (>= 0.6.3)
      rails-dom-testing (~> 2.2)
      rails-html-sanitizer (~> 1.6)
    actiontext (7.1.2)
      actionpack (= 7.1.2)
      activerecord (= 7.1.2)
      activestorage (= 7.1.2)
      activesupport (= 7.1.2)
      globalid (>= 0.6.0)
      nokogiri (>= 1.8.5)
    actionview (7.1.2)
      activesupport (= 7.1.2)
      builder (~> 3.1)
      erubi (~> 1.11)
      rails-dom-testing (~> 2.2)
      rails-html-sanitizer (~> 1.6)
    active_model_serializers (0.10.14)
      actionpack (>= 4.1)
      activemodel (>= 4.1)
      case_transform (>= 0.2)
      jsonapi-renderer (>= 0.1.1.beta1, < 0.3)
    active_record_doctor (1.14.0)
      activerecord (>= 4.2.0)
    active_record_extended (3.2.1)
      activerecord (>= 5.2, < 7.2.0)
      pg (< 3.0)
    active_storage-send_zip (0.3.4)
      rails (> 5.2)
      rubyzip (< 3.0)
    activejob (7.1.2)
      activesupport (= 7.1.2)
      globalid (>= 0.3.6)
    activemodel (7.1.2)
      activesupport (= 7.1.2)
    activerecord (7.1.2)
      activemodel (= 7.1.2)
      activesupport (= 7.1.2)
      timeout (>= 0.4.0)
    activestorage (7.1.2)
      actionpack (= 7.1.2)
      activejob (= 7.1.2)
      activerecord (= 7.1.2)
      activesupport (= 7.1.2)
      marcel (~> 1.0)
    activestorage-validator (0.4.0)
      rails (>= 6.1.0)
    activesupport (7.1.2)
      base64
      bigdecimal
      concurrent-ruby (~> 1.0, >= 1.0.2)
      connection_pool (>= 2.2.5)
      drb
      i18n (>= 1.6, < 2)
      minitest (>= 5.1)
      mutex_m
      tzinfo (~> 2.0)
    acts_as_favoritor (6.0.1)
      activerecord (>= 5.0)
    addressable (2.8.6)
      public_suffix (>= 2.0.2, < 6.0)
    airbrussh (1.5.1)
      sshkit (>= 1.6.1, != 1.7.0)
    amazing_print (1.5.0)
    annotate (3.2.0)
      activerecord (>= 3.2, < 8.0)
      rake (>= 10.4, < 14.0)
    ar_transaction_changes (1.1.9)
      activerecord (>= 5.2.0)
    ast (2.4.2)
    base64 (0.2.0)
    bcrypt (3.1.20)
    better_errors (2.10.1)
      erubi (>= 1.0.0)
      rack (>= 0.9.0)
      rouge (>= 1.0.0)
    better_html (2.0.2)
      actionview (>= 6.0)
      activesupport (>= 6.0)
      ast (~> 2.0)
      erubi (~> 1.4)
      parser (>= 2.4)
      smart_properties
    bigdecimal (3.1.5)
    bindex (0.8.1)
    binding_of_caller (1.0.0)
      debug_inspector (>= 0.0.1)
    bootsnap (1.17.1)
      msgpack (~> 1.2)
    brakeman (6.1.1)
      racc
    builder (3.2.4)
    bullet (7.1.6)
      activesupport (>= 3.0.0)
      uniform_notifier (~> 1.11)
    bundler-audit (0.9.1)
      bundler (>= 1.2.0, < 3)
      thor (~> 1.0)
    capistrano (3.18.0)
      airbrussh (>= 1.0.0)
      i18n
      rake (>= 10.0.0)
      sshkit (>= 1.9.0)
    capistrano-bundler (2.1.0)
      capistrano (~> 3.1)
    capistrano-git-with-submodules (2.0.6)
      capistrano (~> 3.7)
    capistrano-rails (1.6.3)
      capistrano (~> 3.1)
      capistrano-bundler (>= 1.1, < 3)
    capistrano-rails-console (2.3.0)
      capistrano (>= 3.5.0, < 4.0.0)
      sshkit-interactive (~> 0.3.0)
    capistrano-rvm (0.1.2)
      capistrano (~> 3.0)
      sshkit (~> 1.2)
    capistrano3-puma (6.0.0.beta.1)
      capistrano (~> 3.7)
      capistrano-bundler
      puma (>= 5.1, < 7.0)
    case_transform (0.2)
      activesupport
    caxlsx (4.0.0)
      htmlentities (~> 4.3, >= 4.3.4)
      marcel (~> 1.0)
      nokogiri (~> 1.10, >= 1.10.4)
      rubyzip (>= 1.3.0, < 3)
    caxlsx_rails (0.6.3)
      actionpack (>= 3.1)
      caxlsx (>= 3.0)
    character_set (1.8.0)
    choice (0.2.0)
    client_side_validations (22.1.1)
      js_regex (~> 3.7)
      rails (>= 6.1, < 7.2)
    client_side_validations-simple_form (16.0.0)
      client_side_validations (~> 22.0)
      simple_form (~> 5.2)
    concurrent-ruby (1.2.3)
    connection_pool (2.4.1)
    crass (1.0.6)
    cssbundling-rails (1.3.3)
      railties (>= 6.0.0)
    database_cleaner-active_record (2.1.0)
      activerecord (>= 5.a)
      database_cleaner-core (~> 2.0.0)
    database_cleaner-core (2.0.1)
    database_consistency (1.7.23)
      activerecord (>= 3.2)
    date (3.3.4)
    debug (1.9.1)
      irb (~> 1.10)
      reline (>= 0.3.8)
    debug_inspector (1.2.0)
    devise (4.9.3)
      bcrypt (~> 3.0)
      orm_adapter (~> 0.1)
      railties (>= 4.1.0)
      responders
      warden (~> 1.2.3)
    diff-lcs (1.5.0)
    docile (1.4.0)
    doorkeeper (5.6.8)
      railties (>= 5)
    dotenv (2.8.1)
    dotenv-rails (2.8.1)
      dotenv (= 2.8.1)
      railties (>= 3.2)
    drb (2.2.0)
      ruby2_keywords
    erb_lint (0.5.0)
      activesupport
      better_html (>= 2.0.1)
      parser (>= 2.7.1.4)
      rainbow
      rubocop
      smart_properties
    erubi (1.12.0)
    factory_bot (6.4.5)
      activesupport (>= 5.0.0)
    factory_bot_rails (6.4.3)
      factory_bot (~> 6.4)
      railties (>= 5.0.0)
    faker (3.2.3)
      i18n (>= 1.8.11, < 2)
    faraday (2.9.0)
      faraday-net_http (>= 2.0, < 3.2)
    faraday-net_http (3.1.0)
      net-http
    ffi (1.16.3)
    foreman (0.87.2)
    friendly_id (5.5.1)
      activerecord (>= 4.0.0)
    fuubar (2.5.1)
      rspec-core (~> 3.0)
      ruby-progressbar (~> 1.4)
    globalid (1.2.1)
      activesupport (>= 6.1)
    has_scope (0.8.2)
      actionpack (>= 5.2)
      activesupport (>= 5.2)
    hotwire-livereload (1.3.1)
      actioncable (>= 6.0.0)
      listen (>= 3.0.0)
      railties (>= 6.0.0)
    htmlbeautifier (1.4.2)
    htmlentities (4.3.4)
    i18n (1.14.1)
      concurrent-ruby (~> 1.0)
    image_processing (1.12.2)
      mini_magick (>= 4.9.5, < 5)
      ruby-vips (>= 2.0.17, < 3)
    io-console (0.7.1)
    irb (1.11.1)
      rdoc
      reline (>= 0.4.2)
    js_regex (3.11.1)
      character_set (~> 1.4)
      regexp_parser (>= 2.6.2, < 3.0.0)
      regexp_property_values (~> 1.0)
    jsbundling-rails (1.2.2)
      railties (>= 6.0.0)
    json (2.7.1)
    json-schema (4.1.1)
      addressable (>= 2.8)
    jsonapi-renderer (0.2.2)
    language_server-protocol (3.17.0.3)
    ledermann-rails-settings (2.6.1)
      activerecord (>= 6.1)
    license_finder (7.1.0)
      bundler
      rubyzip (>= 1, < 3)
      thor (~> 1.2)
      tomlrb (>= 1.3, < 2.1)
      with_env (= 1.1.0)
      xml-simple (~> 1.1.9)
    listen (3.8.0)
      rb-fsevent (~> 0.10, >= 0.10.3)
      rb-inotify (~> 0.9, >= 0.9.10)
    loaf (0.10.0)
      railties (>= 3.2)
    loofah (2.22.0)
      crass (~> 1.0.2)
      nokogiri (>= 1.12.0)
    mail (2.8.1)
      mini_mime (>= 0.1.1)
      net-imap
      net-pop
      net-smtp
    marcel (1.0.2)
    method_source (1.0.0)
    mini_magick (4.12.0)
    mini_mime (1.1.5)
    minitest (5.21.1)
    msgpack (1.7.2)
    mutex_m (0.2.0)
    net-http (0.4.1)
      uri
    net-imap (0.4.9.1)
      date
      net-protocol
    net-pop (0.1.2)
      net-protocol
    net-protocol (0.2.2)
      timeout
    net-scp (4.0.0)
      net-ssh (>= 2.6.5, < 8.0.0)
    net-sftp (4.0.0)
      net-ssh (>= 5.0.0, < 8.0.0)
    net-smtp (0.4.0.1)
      net-protocol
    net-ssh (7.2.1)
    nio4r (2.7.0)
    nokogiri (1.16.0-x86_64-linux)
      racc (~> 1.4)
    orm_adapter (0.5.0)
    pagy (6.4.1)
    parallel (1.24.0)
    parser (3.3.0.4)
      ast (~> 2.4.1)
      racc
    pg (1.5.4)
    propshaft (0.8.0)
      actionpack (>= 7.0.0)
      activesupport (>= 7.0.0)
      rack
      railties (>= 7.0.0)
    psych (5.1.2)
      stringio
    public_suffix (5.0.4)
    puma (6.4.2)
      nio4r (~> 2.0)
    pundit (2.3.1)
      activesupport (>= 3.0.0)
    pundit-matchers (3.1.2)
      rspec-core (~> 3.12)
      rspec-expectations (~> 3.12)
      rspec-mocks (~> 3.12)
      rspec-support (~> 3.12)
    racc (1.7.3)
    rack (3.0.8)
    rack-cors (2.0.1)
      rack (>= 2.0.0)
    rack-mini-profiler (3.3.0)
      rack (>= 1.2.0)
    rack-session (2.0.0)
      rack (>= 3.0.0)
    rack-test (2.1.0)
      rack (>= 1.3)
    rackup (2.1.0)
      rack (>= 3)
      webrick (~> 1.8)
    rails (7.1.2)
      actioncable (= 7.1.2)
      actionmailbox (= 7.1.2)
      actionmailer (= 7.1.2)
      actionpack (= 7.1.2)
      actiontext (= 7.1.2)
      actionview (= 7.1.2)
      activejob (= 7.1.2)
      activemodel (= 7.1.2)
      activerecord (= 7.1.2)
      activestorage (= 7.1.2)
      activesupport (= 7.1.2)
      bundler (>= 1.15.0)
      railties (= 7.1.2)
    rails-controller-testing (1.0.5)
      actionpack (>= 5.0.1.rc1)
      actionview (>= 5.0.1.rc1)
      activesupport (>= 5.0.1.rc1)
    rails-dom-testing (2.2.0)
      activesupport (>= 5.0.0)
      minitest
      nokogiri (>= 1.6)
    rails-erd (1.7.2)
      activerecord (>= 4.2)
      activesupport (>= 4.2)
      choice (~> 0.2.0)
      ruby-graphviz (~> 1.2)
    rails-html-sanitizer (1.6.0)
      loofah (~> 2.21)
      nokogiri (~> 1.14)
    rails-i18n (7.0.8)
      i18n (>= 0.7, < 2)
      railties (>= 6.0.0, < 8)
    railties (7.1.2)
      actionpack (= 7.1.2)
      activesupport (= 7.1.2)
      irb
      rackup (>= 1.0.0)
      rake (>= 12.2)
      thor (~> 1.0, >= 1.2.2)
      zeitwerk (~> 2.6)
    rainbow (3.1.1)
    rake (13.1.0)
    ransack (4.1.1)
      activerecord (>= 6.1.5)
      activesupport (>= 6.1.5)
      i18n
    rb-fsevent (0.11.2)
    rb-inotify (0.10.1)
      ffi (~> 1.0)
    rchardet (1.8.0)
    rdoc (6.6.2)
      psych (>= 4.0.0)
    redis (5.0.8)
      redis-client (>= 0.17.0)
    redis-client (0.19.1)
      connection_pool
    regexp_parser (2.9.0)
    regexp_property_values (1.5.1)
    reline (0.4.2)
      io-console (~> 0.5)
    responders (3.1.1)
      actionpack (>= 5.2)
      railties (>= 5.2)
    rexml (3.2.6)
    rolify (6.0.1)
    rouge (4.2.0)
    rspec-core (3.12.2)
      rspec-support (~> 3.12.0)
    rspec-expectations (3.12.3)
      diff-lcs (>= 1.2.0, < 2.0)
      rspec-support (~> 3.12.0)
    rspec-mocks (3.12.6)
      diff-lcs (>= 1.2.0, < 2.0)
      rspec-support (~> 3.12.0)
    rspec-rails (6.1.0)
      actionpack (>= 6.1)
      activesupport (>= 6.1)
      railties (>= 6.1)
      rspec-core (~> 3.12)
      rspec-expectations (~> 3.12)
      rspec-mocks (~> 3.12)
      rspec-support (~> 3.12)
    rspec-support (3.12.1)
    rswag-api (2.13.0)
      activesupport (>= 3.1, < 7.2)
      railties (>= 3.1, < 7.2)
    rswag-specs (2.13.0)
      activesupport (>= 3.1, < 7.2)
      json-schema (>= 2.2, < 5.0)
      railties (>= 3.1, < 7.2)
      rspec-core (>= 2.14)
    rswag-ui (2.13.0)
      actionpack (>= 3.1, < 7.2)
      railties (>= 3.1, < 7.2)
    rubocop (1.60.0)
      json (~> 2.3)
      language_server-protocol (>= 3.17.0)
      parallel (~> 1.10)
      parser (>= 3.3.0.2)
      rainbow (>= 2.2.2, < 4.0)
      regexp_parser (>= 1.8, < 3.0)
      rexml (>= 3.2.5, < 4.0)
      rubocop-ast (>= 1.30.0, < 2.0)
      ruby-progressbar (~> 1.7)
      unicode-display_width (>= 2.4.0, < 3.0)
    rubocop-ast (1.30.0)
      parser (>= 3.2.1.0)
    rubocop-performance (1.20.2)
      rubocop (>= 1.48.1, < 2.0)
      rubocop-ast (>= 1.30.0, < 2.0)
    rubocop-rails (2.23.1)
      activesupport (>= 4.2.0)
      rack (>= 1.1)
      rubocop (>= 1.33.0, < 2.0)
      rubocop-ast (>= 1.30.0, < 2.0)
    ruby-graphviz (1.2.5)
      rexml
    ruby-progressbar (1.13.0)
    ruby-vips (2.2.0)
      ffi (~> 1.12)
    ruby2_keywords (0.0.5)
    rubyzip (2.3.2)
    shoulda-matchers (6.0.0)
      activesupport (>= 5.2.0)
    sidekiq (7.2.0)
      concurrent-ruby (< 2)
      connection_pool (>= 2.3.0)
      rack (>= 2.2.4)
      redis-client (>= 0.14.0)
    simple_form (5.3.0)
      actionpack (>= 5.2)
      activemodel (>= 5.2)
    simplecov (0.22.0)
      docile (~> 1.1)
      simplecov-html (~> 0.11)
      simplecov_json_formatter (~> 0.1)
    simplecov-html (0.12.3)
    simplecov_json_formatter (0.1.4)
    smart_properties (1.17.0)
    sshkit (1.22.0)
      mutex_m
      net-scp (>= 1.1.2)
      net-sftp (>= 2.1.2)
      net-ssh (>= 2.8.0)
    sshkit-interactive (0.3.0)
      sshkit (~> 1.12)
    stimulus-rails (1.3.3)
      railties (>= 6.0.0)
    stringio (3.1.0)
    thor (1.3.0)
    timeout (0.4.1)
    tomlrb (2.0.3)
    turbo-rails (1.5.0)
      actionpack (>= 6.0.0)
      activejob (>= 6.0.0)
      railties (>= 6.0.0)
    tzinfo (2.0.6)
      concurrent-ruby (~> 1.0)
    unicode-display_width (2.5.0)
    uniform_notifier (1.16.0)
    uri (0.13.0)
    view_component (3.10.0)
      activesupport (>= 5.2.0, < 8.0)
      concurrent-ruby (~> 1.0)
      method_source (~> 1.0)
    warden (1.2.9)
      rack (>= 2.0.9)
    web-console (4.2.1)
      actionview (>= 6.0.0)
      activemodel (>= 6.0.0)
      bindex (>= 0.4.0)
      railties (>= 6.0.0)
    webrick (1.8.1)
    websocket-driver (0.7.6)
      websocket-extensions (>= 0.1.0)
    websocket-extensions (0.1.5)
    with_env (1.1.0)
    xml-simple (1.1.9)
      rexml
    zeitwerk (2.6.12)

PLATFORMS
  x86_64-linux

DEPENDENCIES
  active_model_serializers (~> 0.10.13)
  active_record_doctor (~> 1.10)
  active_record_extended (~> 3.0)
  active_storage-send_zip (~> 0.3.4)
  activestorage-validator (~> 0.3)
  acts_as_favoritor (~> 6.0)
  amazing_print (~> 1.4)
  annotate (~> 3.2)
  ar_transaction_changes (~> 1.1)
  better_errors (~> 2.10, >= 2.10.1)
  binding_of_caller (~> 1.0)
  bootsnap (>= 1.4.4)
  brakeman (~> 6.0)
  bullet (~> 7.0, >= 7.0.3)
  bundler-audit (~> 0.9.1)
  capistrano (~> 3.17)
  capistrano-bundler (~> 2.1)
  capistrano-git-with-submodules (~> 2.0)
  capistrano-rails (~> 1.6)
  capistrano-rails-console (~> 2.3)
  capistrano-rvm (~> 0.1.2)
  capistrano3-puma (= 6.0.0.beta.1)
  caxlsx (~> 4.0)
  caxlsx_rails (~> 0.6.3)
  client_side_validations (~> 22.0)
  client_side_validations-simple_form (~> 16.0)
  cssbundling-rails (~> 1.0)
  database_cleaner-active_record
  database_consistency (~> 1.1)
  debug (>= 1.0.0)
  devise (~> 4.8, >= 4.8.1)
  doorkeeper (~> 5.5, >= 5.5.4)
  dotenv-rails (~> 2.8)
  erb_lint (~> 0.4)
  factory_bot_rails (~> 6.2)
  faker (>= 3)
  faraday (~> 2.7)
  foreman (~> 0.87.2)
  friendly_id (~> 5.4, >= 5.4.2)
  fuubar (~> 2.5)
  has_scope (~> 0.8.0)
  hotwire-livereload (~> 1.2)
  htmlbeautifier
  image_processing (~> 1.12, >= 1.12.1)
  jsbundling-rails (~> 1.0)
  ledermann-rails-settings (~> 2.5)
  license_finder (~> 7.0)
  listen (~> 3.7)
  loaf (~> 0.10.0)
  mini_magick (~> 4.11)
  pagy (~> 6.0)
  pg (~> 1.4)
  propshaft (~> 0.6)
  puma (~> 6.4)
  pundit (~> 2.1)
  pundit-matchers (~> 3.1)
  rack-cors (~> 2.0)
  rack-mini-profiler (~> 3.0)
  rails (~> 7.1)
  rails-controller-testing (~> 1.0)
  rails-erd
  rails-i18n (~> 7.0.4)
  ransack (~> 4.1)
  rchardet (~> 1.8)
  redis (~> 5.0)
  redis-client (~> 0.14)
  rolify (~> 6.0)
  rspec-rails (~> 6)
  rswag-api (~> 2.5, >= 2.5.1)
  rswag-specs (~> 2.5, >= 2.5.1)
  rswag-ui (~> 2.5, >= 2.5.1)
  rubocop (~> 1.35, >= 1.35.1)
  rubocop-performance (~> 1.14, >= 1.14.3)
  rubocop-rails (~> 2.15, >= 2.15.2)
  shoulda-matchers (~> 6.0)
  sidekiq (~> 7.1)
  simple_form (~> 5.1)
  simplecov (~> 0.22)
  stimulus-rails (~> 1.1)
  turbo-rails (~> 1.1)
  tzinfo-data
  view_component (~> 3.9)
  web-console

RUBY VERSION
   ruby 3.2.2p53

BUNDLED WITH
   2.4.8
